GIT
  remote: https://github.com/netguru/capistrano-docker.git
  revision: c06f0102ea82b7658496131bc1212a880b04daf8
  tag: v0.2.7
  specs:
    capistrano-docker (0.2.7)
      capistrano (>= 3.2)

GEM
  remote: https://rubygems.org/
  specs:
    byebug (8.2.2)
    capistrano (3.4.0)
      i18n
      rake (>= 10.0.0)
      sshkit (~> 1.3)
    diff-lcs (1.2.5)
    i18n (0.7.0)
    net-scp (1.2.1)
      net-ssh (>= 2.6.5)
    net-ssh (3.0.2)
    rake (13.0.1)
    rspec (3.4.0)
      rspec-core (~> 3.4.0)
      rspec-expectations (~> 3.4.0)
      rspec-mocks (~> 3.4.0)
    rspec-core (3.4.3)
      rspec-support (~> 3.4.0)
    rspec-expectations (3.4.0)
      diff-lcs (>= 1.2.0, < 2.0)
      rspec-support (~> 3.4.0)
    rspec-mocks (3.4.1)
      diff-lcs (>= 1.2.0, < 2.0)
      rspec-support (~> 3.4.0)
    rspec-support (3.4.1)
    sshkit (1.8.1)
      net-scp (>= 1.1.2)
      net-ssh (>= 2.8.0)

PLATFORMS
  ruby

DEPENDENCIES
  byebug
  capistrano (~> 3.4.0)
  capistrano-docker!
  rspec

BUNDLED WITH
   1.11.2
